GEM
  remote: https://rubygems.org/
  specs:
    faraday (1.0.0)
      multipart-post (>= 1.2, < 3)
    jemalloc (1.0.1)
    json (2.3.0)
    multipart-post (2.1.1)
    mustermann (2.0.2)
      ruby2_keywords (~> 0.0.1)
    nio4r (2.5.2)
    puma (4.3.3)
      nio4r (~> 2.0)
    rack (2.2.4)
    rack-protection (2.2.3)
      rack
    rake (13.0.1)
    ruby2_keywords (0.0.5)
    sinatra (2.2.3)
      mustermann (~> 2.0)
      rack (~> 2.2)
      rack-protection (= 2.2.3)
      tilt (~> 2.0)
    tilt (2.0.11)

PLATFORMS
  ruby

DEPENDENCIES
  faraday
  jemalloc
  json
  puma
  rake
  sinatra

BUNDLED WITH
   1.17.2
